GIT
  remote: http://github.com/indycc/pusher-gem.git
  revision: 585210372f7bda64c4b1e42cf98142f7141605d9
  specs:
    pusher (0.8.0)
      crack (~> 0.1.0)
      json (~> 1.5.0)
      ruby-hmac (~> 0.4.0)
      signature (~> 0.1.2)

GEM
  remote: http://rubygems.org/
  specs:
    bacon (1.1.0)
    crack (0.1.8)
    git (1.2.5)
    jeweler (1.5.2)
      bundler (~> 1.0.0)
      git (>= 1.2.5)
      rake
    json (1.5.1)
    rake (0.8.7)
    rcov (0.9.9)
    ruby-hmac (0.4.0)
    signature (0.1.2)
      ruby-hmac
    watchr (0.7)

PLATFORMS
  ruby

DEPENDENCIES
  bacon
  bundler (~> 1.0.0)
  jeweler (~> 1.5.2)
  pusher!
  rcov
  watchr (>= 0.7)
